PATH
  remote: .
  specs:
    hash_map_attributes (0.1.1)

GEM
  remote: https://rubygems.org/
  specs:
    rake (12.3.3)

PLATFORMS
  ruby

DEPENDENCIES
  hash_map_attributes!
  rake (~> 12.0)

BUNDLED WITH
   2.1.4
